GEM
  remote: http://rubygems.org/
  specs:
    archive-tar-minitar (0.5.2)
    async_sinatra (0.5.0)
      rack (>= 1.2.1)
      sinatra (>= 1.0)
    columnize (0.3.2)
    eventmachine (0.12.10)
    kgio (2.3.3)
    linecache19 (0.5.12)
      ruby_core_source (>= 0.1.4)
    rack (1.2.2)
    rainbows (3.2.0)
      rack (~> 1.1)
      unicorn (~> 3.5)
    ruby-debug-base19 (0.11.25)
      columnize (>= 0.3.1)
      linecache19 (>= 0.5.11)
      ruby_core_source (>= 0.1.4)
    ruby-debug19 (0.11.6)
      columnize (>= 0.3.1)
      linecache19 (>= 0.5.11)
      ruby-debug-base19 (>= 0.11.19)
    ruby_core_source (0.1.5)
      archive-tar-minitar (>= 0.5.2)
    sinatra (1.2.2)
      rack (~> 1.1)
      tilt (>= 1.2.2, < 2.0)
    tilt (1.2.2)
    unicorn (3.5.0)
      kgio (~> 2.3)
      rack

PLATFORMS
  ruby

DEPENDENCIES
  async_sinatra
  eventmachine
  rainbows
  ruby-debug19
  sinatra
